GEM
  remote: https://rubygems.org/
  specs:
    ast (2.4.1)
    colorize (0.8.1)
    faraday (0.9.2)
      multipart-post (>= 1.2, < 3)
    fasterer (0.8.3)
      colorize (~> 0.7)
      ruby_parser (>= 3.14.1)
    hashie (3.6.0)
    multipart-post (2.1.1)
    parallel (1.19.2)
    parser (2.7.1.5)
      ast (~> 2.4.1)
    pg (0.18.4)
    rainbow (3.0.0)
    regexp_parser (1.8.1)
    rexml (3.2.4)
    rubocop (0.92.0)
      parallel (~> 1.10)
      parser (>= 2.7.1.5)
      rainbow (>= 2.2.2, < 4.0)
      regexp_parser (>= 1.7)
      rexml
      rubocop-ast (>= 0.5.0)
      ruby-progressbar (~> 1.7)
      unicode-display_width (>= 1.4.0, < 2.0)
    rubocop-ast (0.7.1)
      parser (>= 2.7.1.5)
    ruby-progressbar (1.10.1)
    ruby_parser (3.15.0)
      sexp_processor (~> 4.9)
    sexp_processor (4.15.1)
    unicode-display_width (1.7.0)

PLATFORMS
  ruby

DEPENDENCIES
  faraday (~> 0.9.2)
  fasterer
  hashie (~> 3.4, >= 3.4.4)
  pg (~> 0.18.4)
  rubocop

BUNDLED WITH
   2.1.4
